GEM
  remote: https://rubygems.org/
  specs:
    rspec (0.8.2)

PLATFORMS
  ruby

DEPENDENCIES
  rspec (= 0.8.2)

RUBY VERSION
   ruby 1.9.3p551

BUNDLED WITH
   1.17.3
