GEM
  remote: https://rubygems.org/
  specs:
    diff-lcs (1.3)
    rspec (2.13.0)
      rspec-core (~> 2.13.0)
      rspec-expectations (~> 2.13.0)
      rspec-mocks (~> 2.13.0)
    rspec-core (2.13.1)
    rspec-expectations (2.13.0)
      diff-lcs (>= 1.1.3, < 2.0)
    rspec-mocks (2.13.1)

PLATFORMS
  ruby

DEPENDENCIES
  rspec (= 2.13.0)

RUBY VERSION
   ruby 1.9.3p551

BUNDLED WITH
   1.17.3
